GEM
  remote: https://rubygems.org/
  specs:
    dotenv (3.1.8)

PLATFORMS
  ruby
  x86_64-darwin-22

DEPENDENCIES
  dotenv

BUNDLED WITH
   2.5.11
